GEM
  remote: http://rubygems.org/
  specs:
    backports (2.5.1)
    eventmachine (0.12.10)
    httparty (0.8.3)
      multi_json (~> 1.0)
      multi_xml
    memcache-client (1.8.5)
    multi_json (1.1.0)
    multi_xml (0.4.4)
    nokogiri (1.5.2)
    rack (1.4.1)
    rack-protection (1.2.0)
      rack
    rack-test (0.6.1)
      rack (>= 1.0)
    sinatra (1.3.2)
      rack (~> 1.3, >= 1.3.6)
      rack-protection (~> 1.2)
      tilt (~> 1.3, >= 1.3.3)
    sinatra-contrib (1.3.1)
      backports (>= 2.0)
      eventmachine
      rack-protection
      rack-test
      sinatra (~> 1.3.0)
      tilt (~> 1.3)
    sinatra-memcache (0.1.1)
      memcache-client
      sinatra
    tilt (1.3.3)

PLATFORMS
  ruby

DEPENDENCIES
  httparty
  nokogiri
  sinatra
  sinatra-contrib
  sinatra-memcache
